GEM
  remote: http://rubygems.org/
  specs:
    diff-lcs (1.1.2)
    git (1.2.5)
    jeweler (1.5.2)
      bundler (~> 1.0.0)
      git (>= 1.2.5)
      rake
    json (1.5.1)
    mechanize (1.0.0)
      nokogiri (>= 1.2.1)
    multipart-post (1.1.0)
    nokogiri (1.4.4)
    oauth (0.4.4)
    rake (0.8.7)
    rspec (2.5.0)
      rspec-core (~> 2.5.0)
      rspec-expectations (~> 2.5.0)
      rspec-mocks (~> 2.5.0)
    rspec-core (2.5.1)
    rspec-expectations (2.5.0)
      diff-lcs (~> 1.1.2)
    rspec-mocks (2.5.0)

PLATFORMS
  ruby

DEPENDENCIES
  jeweler
  json (>= 1.2.0)
  mechanize (>= 1.0.0)
  multipart-post (>= 1.1.0)
  oauth (>= 0.3.6)
  rspec (>= 2.0)
